GEM
  remote: https://rubygems.org/
  specs:
    blankslate (2.1.2.4)
    haml (4.0.5)
      tilt
    lc_callnumber (0.0.1)
      parslet
    parslet (1.5.0)
      blankslate (~> 2.0)
    pg (0.17.1)
    puma (2.7.1)
      rack (>= 1.1, < 2.0)
    rack (1.5.2)
    rack-protection (1.5.2)
      rack
    sass (3.2.14)
    sequel (4.6.0)
    sinatra (1.4.4)
      rack (~> 1.4)
      rack-protection (~> 1.4)
      tilt (~> 1.3, >= 1.3.4)
    tilt (1.4.1)

PLATFORMS
  ruby

DEPENDENCIES
  haml
  lc_callnumber
  parslet
  pg
  puma
  sass
  sequel
  sinatra
